GEM
  remote: https://rubygems.org/
  specs:
    ethon (0.5.12)
      ffi (>= 1.3.0)
      mime-types (~> 1.18)
    faraday (0.8.7)
      multipart-post (~> 1.1)
    ffi (1.9.0)
    htmlentities (4.3.1)
    mime-types (1.23)
    multi_json (1.7.7)
    multipart-post (1.2.0)
    punkt-segmenter (0.9.1)
      unicode_utils (>= 1.0.0)
    require_relative (1.0.3)
    simple_oauth (0.2.0)
    twitter (4.7.0)
      faraday (~> 0.8, < 0.10)
      multi_json (~> 1.0)
      simple_oauth (~> 0.2)
    typhoeus (0.6.3)
      ethon (~> 0.5.11)
    unicode_utils (1.4.0)

PLATFORMS
  ruby

DEPENDENCIES
  htmlentities
  punkt-segmenter
  require_relative
  twitter
  typhoeus
